GEM
  remote: https://rubygems.org/
  specs:
    csv (3.3.3)
    ruby-progressbar (1.7.5)

PLATFORMS
  ruby

DEPENDENCIES
  csv
  ruby-progressbar

BUNDLED WITH
   2.6.6
